PATH
  remote: .
  specs:
    netbox-client-ruby (0.9.0)
      dry-configurable (~> 1)
      faraday (>= 0.11.0, < 3)
      faraday-detailed_logger (~> 2.1)
      ipaddress (~> 0.8, >= 0.8.3)
      openssl (>= 2.0.5)

GEM
  remote: https://rubygems.org/
  specs:
    ast (2.4.2)
    coderay (1.1.3)
    concurrent-ruby (1.2.2)
    connection_pool (2.4.1)
    diff-lcs (1.5.0)
    dry-configurable (1.0.1)
      dry-core (~> 1.0, < 2)
      zeitwerk (~> 2.6)
    dry-core (1.0.0)
      concurrent-ruby (~> 1.0)
      zeitwerk (~> 2.6)
    faraday (1.9.0)
      faraday-em_http (~> 1.0)
      faraday-em_synchrony (~> 1.0)
      faraday-excon (~> 1.1)
      faraday-httpclient (< 3)
      faraday-multipart (~> 1.0)
      faraday-net_http (< 3)
      faraday-net_http_persistent (< 3)
      faraday-patron (< 3)
      faraday-rack (~> 1.0)
      faraday-retry (~> 1.0)
      ruby2_keywords (>= 0.0.4)
    faraday-detailed_logger (2.5.0)
      faraday (>= 0.16, < 3)
    faraday-em_http (1.0.0)
    faraday-em_synchrony (1.0.0)
    faraday-excon (1.1.0)
    faraday-httpclient (2.0.1)
      httpclient (>= 2.2)
    faraday-multipart (1.0.4)
      multipart-post (~> 2)
    faraday-net_http (2.1.0)
    faraday-net_http_persistent (2.0.2)
      faraday-net_http (< 3)
      net-http-persistent (~> 4.0)
    faraday-patron (2.0.1)
      patron (>= 0.4.2)
    faraday-rack (1.0.0)
    faraday-retry (1.0.3)
    httpclient (2.8.3)
    ipaddress (0.8.3)
    method_source (1.0.0)
    multipart-post (2.3.0)
    net-http-persistent (4.0.2)
      connection_pool (~> 2.2)
    openssl (3.2.0)
    parallel (1.23.0)
    parser (3.2.2.3)
      ast (~> 2.4.1)
      racc
    patron (0.13.3)
    pry (0.14.2)
      coderay (~> 1.1)
      method_source (~> 1.0)
    racc (1.7.1)
    rainbow (3.1.1)
    rake (13.0.6)
    regexp_parser (2.8.1)
    rexml (3.2.6)
    rspec (3.12.0)
      rspec-core (~> 3.12.0)
      rspec-expectations (~> 3.12.0)
      rspec-mocks (~> 3.12.0)
    rspec-core (3.12.2)
      rspec-support (~> 3.12.0)
    rspec-expectations (3.12.3)
      diff-lcs (>= 1.2.0, < 2.0)
      rspec-support (~> 3.12.0)
    rspec-mocks (3.12.6)
      diff-lcs (>= 1.2.0, < 2.0)
      rspec-support (~> 3.12.0)
    rspec-support (3.12.1)
    rubocop (0.93.1)
      parallel (~> 1.10)
      parser (>= 2.7.1.5)
      rainbow (>= 2.2.2, < 4.0)
      regexp_parser (>= 1.8)
      rexml
      rubocop-ast (>= 0.6.0)
      ruby-progressbar (~> 1.7)
      unicode-display_width (>= 1.4.0, < 2.0)
    rubocop-ast (1.29.0)
      parser (>= 3.2.1.0)
    rubocop-rspec (1.44.1)
      rubocop (~> 0.87)
      rubocop-ast (>= 0.7.1)
    ruby-progressbar (1.13.0)
    ruby2_keywords (0.0.5)
    unicode-display_width (1.8.0)
    zeitwerk (2.6.12)

PLATFORMS
  arm64-darwin-22

DEPENDENCIES
  bundler (~> 2.1)
  netbox-client-ruby!
  pry (~> 0.10)
  rake (~> 13)
  rspec (~> 3.5)
  rubocop (~> 0.48)
  rubocop-rspec (~> 1.15)

BUNDLED WITH
   2.4.10
